PATH
  remote: .
  specs:
    ruby_eureka (0.0.4)

GEM
  remote: https://rubygems.org/
  specs:
    minitest (5.11.3)
    rake (10.5.0)

PLATFORMS
  ruby

DEPENDENCIES
  bundler (~> 1.16)
  minitest (~> 5.0)
  rake (~> 10.0)
  ruby_eureka!

BUNDLED WITH
   1.16.2
